GEM
  remote: http://rubygems.org/
  specs:
    activemodel (5.2.8.1)
      activesupport (= 5.2.8.1)
    activerecord (5.2.8.1)
      activemodel (= 5.2.8.1)
      activesupport (= 5.2.8.1)
      arel (>= 9.0)
    activesupport (5.2.8.1)
      concurrent-ruby (~> 1.0, >= 1.0.2)
      i18n (>= 0.7, < 2)
      minitest (~> 5.1)
      tzinfo (~> 1.1)
    arel (9.0.0)
    concurrent-ruby (1.1.10)
    daemons (1.1.9)
    datafile (0.1.0)
      fetcher
      logutils
      textutils
    eventmachine (1.0.3)
    fetcher (0.4.4)
      logutils (>= 0.6)
    gli (2.12.2)
    i18n (1.11.0)
      concurrent-ruby (~> 1.0)
    logutils (0.6.0)
    minitest (5.16.2)
    pg (0.17.1)
    props (1.1.1)
    rack (1.5.2)
    rack-protection (1.5.3)
      rack
    rubyzip (1.1.6)
    sinatra (1.4.5)
      rack (~> 1.4)
      rack-protection (~> 1.4)
      tilt (~> 1.3, >= 1.3.4)
    sqlite3 (1.3.10)
    tagutils (0.2.2)
      activerecord
      logutils (>= 0.6)
    textutils (0.9.10)
      activesupport
      logutils
      props
      rubyzip
    thin (1.6.3)
      daemons (~> 1.0, >= 1.0.9)
      eventmachine (~> 1.0)
      rack (~> 1.0)
    thread_safe (0.3.6)
    tilt (1.4.1)
    tzinfo (1.2.9)
      thread_safe (~> 0.1)
    worlddb (2.0.8)
      activerecord
      gli (>= 2.9)
      logutils
      props
      rubyzip
      tagutils
      textutils (>= 0.9.9)

PLATFORMS
  ruby

DEPENDENCIES
  activerecord
  datafile
  fetcher
  pg
  sinatra
  sqlite3
  thin
  worlddb
